GEM
  remote: https://rubygems.org/
  specs:
    addressable (2.5.2)
      public_suffix (>= 2.0.2, < 4.0)
    coderay (1.1.2)
    diff-lcs (1.3)
    dotenv (2.5.0)
    dry-initializer (2.5.0)
    faraday (0.15.4)
      multipart-post (>= 1.2, < 3)
    httparty (0.16.3)
      mime-types (~> 3.0)
      multi_xml (>= 0.5.2)
    method_source (0.9.2)
    mime-types (3.2.2)
      mime-types-data (~> 3.2015)
    mime-types-data (3.2018.0812)
    multi_xml (0.6.0)
    multipart-post (2.0.0)
    octokit (4.13.0)
      sawyer (~> 0.8.0, >= 0.5.3)
    oj (3.7.6)
    pry (0.12.2)
      coderay (~> 1.1.0)
      method_source (~> 0.9.0)
    public_suffix (3.0.3)
    rspec (3.8.0)
      rspec-core (~> 3.8.0)
      rspec-expectations (~> 3.8.0)
      rspec-mocks (~> 3.8.0)
    rspec-core (3.8.0)
      rspec-support (~> 3.8.0)
    rspec-expectations (3.8.2)
      diff-lcs (>= 1.2.0, < 2.0)
      rspec-support (~> 3.8.0)
    rspec-mocks (3.8.0)
      diff-lcs (>= 1.2.0, < 2.0)
      rspec-support (~> 3.8.0)
    rspec-support (3.8.0)
    sawyer (0.8.1)
      addressable (>= 2.3.5, < 2.6)
      faraday (~> 0.8, < 1.0)

PLATFORMS
  ruby

DEPENDENCIES
  dotenv
  dry-initializer
  httparty
  octokit
  oj
  pry
  rspec

RUBY VERSION
   ruby 2.6.0p0

BUNDLED WITH
   1.17.3
